PATH
  remote: .
  specs:
    bunny_mock (0.0.1)

GEM
  remote: https://rubygems.org/
  specs:
    diff-lcs (1.2.4)
    given_core (3.1.1)
      sorcerer (>= 0.3.7)
    multi_json (1.8.0)
    rake (10.1.0)
    rspec (2.14.1)
      rspec-core (~> 2.14.0)
      rspec-expectations (~> 2.14.0)
      rspec-mocks (~> 2.14.0)
    rspec-core (2.14.5)
    rspec-expectations (2.14.3)
      diff-lcs (>= 1.1.3, < 2.0)
    rspec-given (3.1.1)
      given_core (= 3.1.1)
      rspec (>= 2.12)
    rspec-mocks (2.14.3)
    simplecov (0.7.1)
      multi_json (~> 1.0)
      simplecov-html (~> 0.7.1)
    simplecov-html (0.7.1)
    sorcerer (1.0.2)

PLATFORMS
  ruby

DEPENDENCIES
  bundler (~> 1.3)
  bunny_mock!
  rake
  rspec
  rspec-given
  simplecov
